NUGET
  remote: https://www.nuget.org/api/v2
    Antlr (3.4.1.9004) - framework: >= net461
    bootstrap (3.0) - framework: >= net461
      jQuery (>= 1.9)
    Dapper (1.50.2) - framework: >= net461
    dbup (3.3.5)
    EntityFramework (6.1.3) - framework: >= net461
    jQuery (1.10.2) - framework: >= net461
    jQuery.Validation (1.11.1) - framework: >= net461
      jQuery (>= 1.4.4)
    Microsoft.AspNet.Identity.Core (2.2.1) - framework: >= net461
    Microsoft.AspNet.Identity.EntityFramework (2.2.1) - framework: >= net461
      EntityFramework (>= 6.1)
      Microsoft.AspNet.Identity.Core (>= 2.2.1)
    Microsoft.AspNet.Identity.Owin (2.2.1) - framework: >= net461
      Microsoft.AspNet.Identity.Core (>= 2.2.1)
      Microsoft.Owin.Security (>= 2.1)
      Microsoft.Owin.Security.Cookies (>= 2.1)
      Microsoft.Owin.Security.OAuth (>= 2.1)
    Microsoft.AspNet.Mvc (5.2.3) - framework: >= net461
      Microsoft.AspNet.Razor (>= 3.2.3 < 3.3)
      Microsoft.AspNet.WebPages (>= 3.2.3 < 3.3)
    Microsoft.AspNet.Razor (3.2.3) - framework: >= net461
    Microsoft.AspNet.Web.Optimization (1.1.3) - framework: >= net461
      Microsoft.Web.Infrastructure (>= 1.0)
      WebGrease (>= 1.5.2)
    Microsoft.AspNet.WebApi (5.2.3) - framework: >= net461
      Microsoft.AspNet.WebApi.WebHost (>= 5.2.3 < 5.3)
    Microsoft.AspNet.WebApi.Client (5.2.3) - framework: >= net461
      Newtonsoft.Json (>= 6.0.4) - framework: >= net45, portable-wp80+win+wp81+wpa81
    Microsoft.AspNet.WebApi.Core (5.2.3) - framework: >= net461
      Microsoft.AspNet.WebApi.Client (>= 5.2.3)
    Microsoft.AspNet.WebApi.HelpPage (5.2.3) - framework: >= net461
      Microsoft.AspNet.Mvc (>= 5.2.3 < 5.3)
      Microsoft.AspNet.Razor (>= 3.2.3 < 3.3)
      Microsoft.AspNet.WebApi.WebHost (>= 5.2.3 < 5.3)
    Microsoft.AspNet.WebApi.Owin (5.2.3) - framework: >= net461
      Microsoft.AspNet.WebApi.Core (>= 5.2.3 < 5.3)
      Microsoft.Owin (>= 2.0.2)
      Owin (>= 1.0)
    Microsoft.AspNet.WebApi.WebHost (5.2.3) - framework: >= net461
      Microsoft.AspNet.WebApi.Core (>= 5.2.3 < 5.3)
    Microsoft.AspNet.WebPages (3.2.3) - framework: >= net461
      Microsoft.AspNet.Razor (>= 3.2.3 < 3.3)
      Microsoft.Web.Infrastructure (>= 1.0)
    Microsoft.CodeDom.Providers.DotNetCompilerPlatform (1.0.1) - framework: >= net461
      Microsoft.Net.Compilers (>= 1.0)
    Microsoft.jQuery.Unobtrusive.Validation (3.2.3) - framework: >= net461
      jQuery (>= 1.8)
      jQuery.Validation (>= 1.8.0.1)
    Microsoft.Net.Compilers (1.1.1) - framework: >= net461
    Microsoft.Owin (3.0.1) - framework: >= net461
      Owin (>= 1.0)
    Microsoft.Owin.Host.SystemWeb (3.0.1) - framework: >= net461
      Microsoft.Owin (>= 3.0.1)
      Owin (>= 1.0)
    Microsoft.Owin.Security (3.0.1) - framework: >= net461
      Microsoft.Owin (>= 3.0.1)
      Owin (>= 1.0)
    Microsoft.Owin.Security.Cookies (3.0.1) - framework: >= net461
      Microsoft.Owin (>= 3.0.1)
      Microsoft.Owin.Security (>= 3.0.1)
      Owin (>= 1.0)
    Microsoft.Owin.Security.Facebook (3.0.1) - framework: >= net461
      Microsoft.Owin (>= 3.0.1)
      Microsoft.Owin.Security (>= 3.0.1)
      Newtonsoft.Json (>= 6.0.4)
      Owin (>= 1.0)
    Microsoft.Owin.Security.Google (3.0.1) - framework: >= net461
      Microsoft.Owin (>= 3.0.1)
      Microsoft.Owin.Security (>= 3.0.1)
      Newtonsoft.Json (>= 6.0.4)
      Owin (>= 1.0)
    Microsoft.Owin.Security.MicrosoftAccount (3.0.1) - framework: >= net461
      Microsoft.Owin (>= 3.0.1)
      Microsoft.Owin.Security (>= 3.0.1)
      Newtonsoft.Json (>= 6.0.4)
      Owin (>= 1.0)
    Microsoft.Owin.Security.OAuth (3.0.1) - framework: >= net461
      Microsoft.Owin (>= 3.0.1)
      Microsoft.Owin.Security (>= 3.0.1)
      Newtonsoft.Json (>= 6.0.4)
      Owin (>= 1.0)
    Microsoft.Owin.Security.Twitter (3.0.1) - framework: >= net461
      Microsoft.Owin (>= 3.0.1)
      Microsoft.Owin.Security (>= 3.0.1)
      Newtonsoft.Json (>= 6.0.4)
      Owin (>= 1.0)
    Microsoft.Web.Infrastructure (1.0) - framework: >= net461
    Modernizr (2.6.2) - framework: >= net461
    Newtonsoft.Json (6.0.4) - framework: >= net461
    NUnit (3.5)
    Owin (1.0) - framework: >= net461
    Respond (1.2) - framework: >= net461
    WebGrease (1.5.2) - framework: >= net461
      Antlr (>= 3.4.1.9004)
      Newtonsoft.Json (>= 5.0.4)
