NUGET
  remote: https://www.nuget.org/api/v2
    dbup (3.3.5)
